NUGET
  remote: https://nuget.org/api/v2
  specs:
    FAKE (4.10.5)
    FSharp.Core (4.0.0.1) - redirects: force
    Suave (0.33.0)
      FSharp.Core (>= 3.1.2.5)
    Topshelf (3.3.1)
    Topshelf.FSharp (2.1.0)
      Topshelf (>= 3.2.0)
